GEM
  remote: https://rubygems.org/
  specs:
    activesupport (4.2.6)
      i18n (~> 0.7)
      json (~> 1.7, >= 1.7.7)
      minitest (~> 5.1)
      thread_safe (~> 0.3, >= 0.3.4)
      tzinfo (~> 1.1)
    bourbon (4.2.7)
      sass (~> 3.4)
      thor (~> 0.19)
    colorator (0.1)
    ffi (1.9.10)
    gemoji (2.1.0)
    html-pipeline (2.4.1)
      activesupport (>= 2, < 5)
      nokogiri (>= 1.4)
    i18n (0.7.0)
    jekyll (3.1.6)
      colorator (~> 0.1)
      jekyll-sass-converter (~> 1.0)
      jekyll-watch (~> 1.1)
      kramdown (~> 1.3)
      liquid (~> 3.0)
      mercenary (~> 0.3.3)
      rouge (~> 1.7)
      safe_yaml (~> 1.0)
    jekyll-paginate (1.1.0)
    jekyll-sass-converter (1.4.0)
      sass (~> 3.4)
    jekyll-sitemap (0.10.0)
    jekyll-watch (1.4.0)
      listen (~> 3.0, < 3.1)
    jemoji (0.6.2)
      gemoji (~> 2.0)
      html-pipeline (~> 2.2)
      jekyll (>= 3.0)
    json (1.8.3)
    kramdown (1.11.1)
    liquid (3.0.6)
    listen (3.0.8)
      rb-fsevent (~> 0.9, >= 0.9.4)
      rb-inotify (~> 0.9, >= 0.9.7)
    mercenary (0.3.6)
    mini_portile2 (2.1.0)
    minitest (5.9.0)
    nokogiri (1.6.8)
      mini_portile2 (~> 2.1.0)
      pkg-config (~> 1.1.7)
    pkg-config (1.1.7)
    puma (3.4.0)
    rack (1.6.4)
    rack-cache (1.6.1)
      rack (>= 0.4)
    rack-jekyll (0.4.5)
      jekyll (>= 1.3)
      listen (>= 1.3)
      rack (~> 1.5)
    rake (11.1.2)
    rb-fsevent (0.9.7)
    rb-inotify (0.9.7)
      ffi (>= 0.5.0)
    rouge (1.11.0)
    safe_yaml (1.0.4)
    sass (3.4.22)
    thor (0.19.1)
    thread_safe (0.3.5)
    tzinfo (1.2.2)
      thread_safe (~> 0.1)

PLATFORMS
  ruby

DEPENDENCIES
  bourbon
  jekyll (~> 3.1.0)
  jekyll-paginate
  jekyll-sitemap
  jemoji
  kramdown
  puma
  rack-cache
  rack-jekyll
  rake

RUBY VERSION
   ruby 2.3.3p222

BUNDLED WITH
   1.13.6
